GEM
  remote: https://rubygems.org/
  specs:
    redis (3.0.4)

PLATFORMS
  ruby

DEPENDENCIES
  redis (~> 3.0.4)
